GEM
  remote: https://rubygems.org/
  specs:
    docile (1.4.0)
    minitest (5.17.0)
    rake (13.0.6)
    rexml (3.2.5)
    simplecov (0.22.0)
      docile (~> 1.1)
      simplecov-html (~> 0.11)
      simplecov_json_formatter (~> 0.1)
    simplecov-cobertura (2.1.0)
      rexml
      simplecov (~> 0.19)
    simplecov-html (0.12.3)
    simplecov_json_formatter (0.1.4)

PLATFORMS
  x86_64-darwin-22

DEPENDENCIES
  minitest
  rake
  simplecov
  simplecov-cobertura

BUNDLED WITH
   2.4.3
